PATH
  remote: .
  specs:
    simple_form (1.4.1)
      actionpack (~> 3.0)
      activemodel (~> 3.0)

GEM
  remote: http://rubygems.org/
  specs:
    actionpack (3.2.22.5)
      activemodel (= 3.2.22.5)
      activesupport (= 3.2.22.5)
      builder (~> 3.0.0)
      erubis (~> 2.7.0)
      journey (~> 1.0.4)
      rack (~> 1.4.5)
      rack-cache (~> 1.2)
      rack-test (~> 0.6.1)
      sprockets (~> 2.2.1)
    activemodel (3.2.22.5)
      activesupport (= 3.2.22.5)
      builder (~> 3.0.0)
    activesupport (3.2.22.5)
      i18n (~> 0.6, >= 0.6.4)
      multi_json (~> 1.0)
    builder (3.0.4)
    columnize (0.3.2)
    concurrent-ruby (1.1.8)
    erubis (2.7.0)
    hike (1.2.3)
    i18n (0.9.5)
      concurrent-ruby (~> 1.0)
    journey (1.0.4)
    linecache (0.43)
    mocha (0.9.10)
      rake
    multi_json (1.15.0)
    rack (1.4.7)
    rack-cache (1.12.1)
      rack (>= 0.4)
    rack-test (0.6.3)
      rack (>= 1.0)
    rake (0.8.7)
    ruby-debug (0.10.4)
      columnize (>= 0.1)
      ruby-debug-base (~> 0.10.4.0)
    ruby-debug-base (0.10.4)
      linecache (>= 0.3)
    sprockets (2.2.3)
      hike (~> 1.2)
      multi_json (~> 1.0)
      rack (~> 1.0)
      tilt (~> 1.1, != 1.3.0)
    tilt (1.4.1)

PLATFORMS
  ruby

DEPENDENCIES
  mocha
  ruby-debug
  simple_form!
